
type = string-attribute
name = HISTORY_NOTE
count = 139
'[lcnl@dyn-72-33-244-154.uwnet.wisc.edu: Mon Sep  8 13:13:59 2014] 3dUndump -master ../TT_N27_333+tlrc. -prefix -datum float -xyz ./TESTING~

type = string-attribute
name = TYPESTRING
count = 15
'3DIM_HEAD_ANAT~

type = string-attribute
name = IDCODE_STRING
count = 27
'XYZ_LdrhBaWZCxq4ipynH1_YSA~

type = string-attribute
name = IDCODE_DATE
count = 25
'Mon Sep  8 13:13:58 2014~

type = integer-attribute
name = SCENE_DATA
count = 8
 2 11 0 -999 -999
 -999 -999 -999

type = string-attribute
name = LABEL_1
count = 5
'zyxt~

type = string-attribute
name = LABEL_2
count = 5
'zyxt~

type = string-attribute
name = DATASET_NAME
count = 5
'zyxt~

type = integer-attribute
name = ORIENT_SPECIFIC
count = 3
 0 3 4

type  = float-attribute
name  = ORIGIN
count = 3
          -79.5          -79.5          -63.5

type  = float-attribute
name  = DELTA
count = 3
              3              3              3

type  = float-attribute
name  = IJK_TO_DICOM
count = 12
              3              0              0          -79.5              0
              3              0          -79.5              0              0
              3          -63.5

type  = float-attribute
name  = IJK_TO_DICOM_REAL
count = 12
              3              0              0          -79.5              0
              3              0          -79.5              0              0
              3          -63.5

type  = float-attribute
name  = BRICK_STATS
count = 2
              0              1

type = integer-attribute
name = DATASET_RANK
count = 8
 3 1 0 0 0
 0 0 0

type = integer-attribute
name = DATASET_DIMENSIONS
count = 5
 54 64 50 0 0

type = integer-attribute
name = BRICK_TYPES
count = 1
 1

type  = float-attribute
name  = BRICK_FLOAT_FACS
count = 1
              0

type = string-attribute
name = BRICK_LABS
count = 14
'colin27T1_seg~

type = string-attribute
name = BRICK_KEYWORDS
count = 1
'~

type = string-attribute
name = TEMPLATE_SPACE
count = 7
'TT_N27~

type = integer-attribute
name = INT_CMAP
count = 1
 0

type = string-attribute
name = BYTEORDER_STRING
count = 10
'LSB_FIRST~
